GEM
  remote: http://rubygems.org/
  specs:
    ansi (1.5.0)
    ast (2.4.0)
    builder (3.2.3)
    ci_reporter (2.0.0)
      builder (>= 2.1.2)
    ci_reporter_minitest (1.0.0)
      ci_reporter (~> 2.0)
      minitest (~> 5.0)
    codecov (0.1.14)
      json
      simplecov
      url
    docile (1.3.2)
    json (2.2.0)
    mini_portile2 (2.4.0)
    minitest (5.11.3)
    minitest-ci (3.4.0)
      minitest (>= 5.0.6)
    minitest-reporters (1.3.6)
      ansi
      builder
      minitest (>= 5.0)
      ruby-progressbar
    nokogiri (1.10.9)
      mini_portile2 (~> 2.4.0)
    nokogiri (1.10.9-x64-mingw32)
      mini_portile2 (~> 2.4.0)
    oga (3.2)
      ast
      ruby-ll (~> 2.1)
    rake (13.0.1)
    ruby-ll (2.1.2)
      ansi
      ast
    ruby-progressbar (1.10.1)
    simplecov (0.17.0)
      docile (~> 1.1)
      json (>= 1.8, < 3)
      simplecov-html (~> 0.10.0)
    simplecov-html (0.10.2)
    url (0.3.2)

PLATFORMS
  ruby
  x64-mingw32

DEPENDENCIES
  ci_reporter_minitest (~> 1.0.0)
  codecov
  minitest (~> 5.9)
  minitest-ci
  minitest-reporters
  nokogiri (~> 1.10)
  oga
  rake
  simplecov

BUNDLED WITH
   2.1.4
