GEM
  remote: http://rubygems.org/
  specs:
    ansi (1.5.0)
    ast (2.4.3)
    builder (3.3.0)
    docile (1.4.1)
    matrix (0.4.3)
    minitest (5.14.4)
    minitest-reporters (1.4.3)
      ansi
      builder
      minitest (>= 5.0)
      ruby-progressbar
    msgpack (1.7.2)
    oga (3.2)
      ast
      ruby-ll (~> 2.1)
    parallel (1.19.2)
    rake (13.2.1)
    ruby-ll (2.1.3)
      ansi
      ast
    ruby-progressbar (1.13.0)
    rubyzip (2.3.2)
    simplecov (0.22.0)
      docile (~> 1.1)
      simplecov-html (~> 0.11)
      simplecov_json_formatter (~> 0.1)
    simplecov-html (0.13.1)
    simplecov_json_formatter (0.1.4)

PLATFORMS
  x86_64-linux-gnu

DEPENDENCIES
  matrix (= 0.4.3)
  minitest (= 5.14.4)
  minitest-reporters (= 1.4.3)
  msgpack (= 1.7.2)
  oga (= 3.2)
  parallel (= 1.19.2)
  rake (= 13.2.1)
  rubyzip (= 2.3.2)
  simplecov (= 0.22.0)
  simplecov-html (= 0.13.1)

BUNDLED WITH
   2.4.19
