GEM
  remote: http://rubygems.org/
  specs:
    ansi (1.5.0)
    ast (2.4.2)
    builder (3.2.4)
    docile (1.4.0)
    minitest (5.15.0)
    minitest-reporters (1.5.0)
      ansi
      builder
      minitest (>= 5.0)
      ruby-progressbar
    msgpack (1.5.2)
    oga (3.3)
      ast
      ruby-ll (~> 2.1)
    parallel (1.22.1)
    rake (13.0.6)
    ruby-ll (2.1.2)
      ansi
      ast
    ruby-progressbar (1.11.0)
    rubyzip (2.3.2)
    simplecov (0.21.2)
      docile (~> 1.1)
      simplecov-html (~> 0.11)
      simplecov_json_formatter (~> 0.1)
    simplecov-html (0.12.3)
    simplecov_json_formatter (0.1.4)

PLATFORMS
  ruby
  x64-mingw32

DEPENDENCIES
  minitest (= 5.15)
  minitest-reporters
  msgpack
  oga
  parallel
  rake
  rubyzip
  simplecov
  simplecov-html

BUNDLED WITH
   2.2.29
