GEM
  specs:
    mini_portile2 (2.1.0)
    nokogiri (1.6.8.1-x64-mingw32)
      mini_portile2 (~> 2.1.0)
    parallel (1.12.1)

PLATFORMS
  x64-mingw32

DEPENDENCIES
  nokogiri (~> 1.6, <= 1.6.8.1)
  parallel

BUNDLED WITH
   1.16.1
