GEM
  remote: http://rubygems.org/
  specs:
    ansi (1.5.0)
    ast (2.4.2)
    builder (3.2.4)
    ci_reporter (2.0.0)
      builder (>= 2.1.2)
    ci_reporter_minitest (1.0.0)
      ci_reporter (~> 2.0)
      minitest (~> 5.0)
    codecov (0.2.12)
      json
      simplecov
    docile (1.3.5)
    json (2.5.1)
    mini_portile2 (2.5.0)
    minitest (5.14.4)
    minitest-reporters (1.4.3)
      ansi
      builder
      minitest (>= 5.0)
      ruby-progressbar
    nokogiri (1.11.2)
      mini_portile2 (~> 2.5.0)
      racc (~> 1.4)
    nokogiri (1.11.2-x64-mingw32)
      racc (~> 1.4)
    oga (3.3)
      ast
      ruby-ll (~> 2.1)
    parallel (1.20.1)
    racc (1.5.2)
    rake (13.0.3)
    ruby-ll (2.1.2)
      ansi
      ast
    ruby-progressbar (1.11.0)
    schematron-nokogiri (0.0.3)
      nokogiri (~> 1.6)
    simplecov (0.21.2)
      docile (~> 1.1)
      simplecov-html (~> 0.11)
      simplecov_json_formatter (~> 0.1)
    simplecov-html (0.12.3)
    simplecov_json_formatter (0.1.2)

PLATFORMS
  ruby
  x64-mingw32

DEPENDENCIES
  ci_reporter_minitest (~> 1.0.0)
  codecov (= 0.2.12)
  minitest (~> 5.9)
  minitest-reporters
  nokogiri (~> 1.10)
  oga
  parallel
  rake
  schematron-nokogiri
  simplecov

BUNDLED WITH
   2.2.11
