GEM
  remote: http://rubygems.org/
  specs:
    mini_portile2 (2.1.0)
    nokogiri (1.6.8.1-x64-mingw32)
      mini_portile2 (~> 2.1.0)
    yard (0.9.16)

PLATFORMS
  x64-mingw32

DEPENDENCIES
  nokogiri (~> 1.6, <= 1.6.8.1)
  yard

BUNDLED WITH
   1.17.1
