GEM
  remote: http://rubygems.org/
  specs:
    ansi (1.5.0)
    ast (2.4.2)
    builder (3.2.4)
    docile (1.4.0)
    mini_portile2 (2.8.0)
    minitest (5.15.0)
    minitest-reporters (1.5.0)
      ansi
      builder
      minitest (>= 5.0)
      ruby-progressbar
    msgpack (1.5.1)
    nokogiri (1.13.4)
      mini_portile2 (~> 2.8.0)
      racc (~> 1.4)
    nokogiri (1.13.4-x64-mingw32)
      racc (~> 1.4)
    oga (3.3)
      ast
      ruby-ll (~> 2.1)
    parallel (1.22.1)
    racc (1.6.0)
    rake (13.0.6)
    ruby-ll (2.1.2)
      ansi
      ast
    ruby-progressbar (1.11.0)
    rubyzip (2.3.2)
    schematron-nokogiri (0.0.3)
      nokogiri (~> 1.6)
    simplecov (0.21.2)
      docile (~> 1.1)
      simplecov-html (~> 0.11)
      simplecov_json_formatter (~> 0.1)
    simplecov-html (0.12.3)
    simplecov_json_formatter (0.1.4)

PLATFORMS
  ruby
  x64-mingw32

DEPENDENCIES
  minitest (~> 5.9)
  minitest-reporters
  msgpack
  nokogiri (~> 1.10)
  oga
  parallel
  rake
  rubyzip
  schematron-nokogiri
  simplecov
  simplecov-html

BUNDLED WITH
   2.2.29
